GEM
  remote: http://rubygems.org/
  specs:
    cinch (2.0.10)
    cinch-calculate (1.0.2)
      cinch (~> 2.0.5)
    cinch-convert (1.0.1)
      cinch (~> 2.0.5)
    cinch-cooldown (1.0.1)
      cinch (~> 2.0.5)
      time-lord (~> 1.0.1)
    cinch-dicebag (1.0.7)
      cinch (>= 2.0.5)
      cinch-cooldown (>= 1.0.1)
      cinch-storage (~> 1.0.1)
      cinch-toolbox (~> 1.0.3)
      time-lord (~> 1.0.1)
    cinch-karma (1.0.2)
      cinch (~> 2.0.5)
      cinch-cooldown (~> 1.0.1)
      cinch-storage (~> 1.0.1)
    cinch-links-logger (1.0.1)
      cinch (~> 2.0.5)
      cinch-cooldown (~> 1.0.0)
      cinch-storage (~> 1.0.1)
      cinch-toolbox (~> 1.0.3)
      time-lord (~> 1.0.1)
    cinch-links-titles (1.0.0)
      cinch (~> 2.0.5)
      cinch-cooldown (~> 1.0.0)
      cinch-storage (~> 1.0.1)
      cinch-toolbox (~> 1.0.3)
      time-lord (~> 1.0.1)
    cinch-logger-canonical (0.0.1)
    cinch-logsearch (1.0.1)
      cinch (~> 2.0.0)
    cinch-magic (1.0.2)
      cinch (~> 2.0.5)
      cinch-cooldown (~> 1.0.0)
      cinch-test (~> 0.0.3)
      cinch-toolbox (~> 1.0.2)
    cinch-seen (1.0.2)
      cinch (~> 2.0.5)
      cinch-cooldown (~> 1.0.1)
      cinch-storage (~> 1.0.1)
      cinch-toolbox (~> 1.0.3)
      time-lord (~> 1.0.1)
    cinch-storage (1.0.3)
      psych (~> 1.3.4)
    cinch-test (0.0.4)
      cinch (~> 2.0.0)
    cinch-toolbox (1.0.3)
      nokogiri (~> 1.6.0)
      patron (~> 0.4.18)
    cinch-twitterstatus (1.0.1)
      cinch (~> 2.0.0)
      twitter (~> 4.8.1)
    cinch-urbandict (1.0.2)
      cinch (~> 2.0.4)
      cinch-cooldown (~> 1.0.1)
      cinch-toolbox (~> 1.0.3)
    cinch-weatherman (1.0.1)
      cinch (~> 2.0.5)
      cinch-cooldown (~> 1.0.1)
      time-lord (~> 1.0.1)
      weather-underground (~> 1.1.1)
    cinch-wikipedia (1.0.1)
      cinch (~> 2.0.5)
      cinch-cooldown (~> 1.0.1)
      cinch-toolbox (~> 1.0.3)
    faraday (0.8.8)
      multipart-post (~> 1.2.0)
    happymapper (0.4.1)
      libxml-ruby (~> 2.0)
    libxml-ruby (2.7.0)
    mime-types (2.0)
    mini_portile (0.5.2)
    multi_json (1.8.2)
    multipart-post (1.2.0)
    nokogiri (1.6.1)
      mini_portile (~> 0.5.0)
    patron (0.4.18)
    psych (1.3.4)
    rest-client (1.6.7)
      mime-types (>= 1.16)
    simple_oauth (0.2.0)
    temperature (1.2)
    time-lord (1.0.1)
    twitter (4.8.1)
      faraday (~> 0.8, < 0.10)
      multi_json (~> 1.0)
      simple_oauth (~> 0.2)
    weather-underground (1.1.1)
      happymapper
      rest-client
      temperature (>= 1.0.0)

PLATFORMS
  ruby

DEPENDENCIES
  cinch (~> 2.0.5)
  cinch-calculate (~> 1.0.2)
  cinch-convert (~> 1.0.1)
  cinch-dicebag (~> 1.0.7)
  cinch-karma (~> 1.0.2)
  cinch-links-logger (~> 1.0.1)
  cinch-links-titles (~> 1.0.0)
  cinch-logger-canonical (~> 0.0.1)
  cinch-logsearch (~> 1.0.1)
  cinch-magic (~> 1.0.2)
  cinch-seen (~> 1.0.2)
  cinch-twitterstatus (~> 1.0.1)
  cinch-urbandict (~> 1.0.2)
  cinch-weatherman (~> 1.0.1)
  cinch-wikipedia (~> 1.0.0)
