GIT
  remote: https://github.com/canonical-hackers/cinch-sudo.git
  revision: 6ba16ce5525bbe74d0280263f7a6bf7e11d3e702
  specs:
    cinch-sudo (0.1.1)
      cinch (~> 2)
      file-tail

GEM
  remote: http://rubygems.org/
  specs:
    cinch (2.0.12)
    cinch-calculate (1.0.5)
      cinch (~> 2.0.12)
      cinch-cooldown (~> 1.1.1)
    cinch-convert (1.0.3)
      cinch (~> 2)
    cinch-cooldown (1.1.7)
      cinch (~> 2)
      time-lord (~> 1.0, >= 1.0.1)
    cinch-dicebag (1.0.15)
      cinch (~> 2)
      cinch-cooldown (~> 1.1, >= 1.1.5)
      cinch-storage (~> 1.1)
      cinch-toolbox (~> 1.1)
    cinch-karma (1.0.4)
      cinch (~> 2)
      cinch-cooldown (~> 1.1, >= 1.1.3)
      cinch-storage (~> 1.1)
    cinch-links-logger (1.0.3)
      cinch (~> 2)
      cinch-cooldown (~> 1.1, >= 1.1.1)
      cinch-storage (~> 1.1)
      cinch-toolbox (~> 1.1)
    cinch-links-titles (1.0.2)
      cinch (~> 2)
      cinch-cooldown (~> 1.1, >= 1.1.1)
      cinch-storage (~> 1.1)
      cinch-toolbox (~> 1.1)
    cinch-logger-canonical (0.0.1)
    cinch-logsearch (1.0.2)
      cinch (~> 2)
    cinch-magic (1.0.4)
      cinch (~> 2)
      cinch-cooldown (~> 1.1, >= 1.1.1)
      cinch-toolbox (~> 1.1)
    cinch-seen (1.0.5)
      cinch (~> 2)
      cinch-cooldown (~> 1.1, >= 1.1.1)
      cinch-storage (~> 1.1)
      cinch-toolbox (~> 1.1)
    cinch-storage (1.2.1)
      cinch (~> 2, >= 2.0.8)
      psych (~> 2.0, >= 2.0.4)
    cinch-toolbox (1.1.7)
      nokogiri (~> 1.6)
    cinch-twitterstatus (1.0.1)
      cinch (~> 2.0.0)
      twitter (~> 4.8.1)
    cinch-urbandict (1.0.5)
      cinch (~> 2)
      cinch-cooldown (~> 1.1, >= 1.1.7)
      cinch-toolbox (~> 1.1)
    cinch-weatherman (1.0.5)
      cinch (~> 2)
      cinch-cooldown (~> 1.1, >= 1.1.1)
      time-lord (~> 1.0, >= 1.0.1)
      weather-underground (~> 1.1, >= 1.1.1)
    cinch-wikipedia (1.0.6)
      cinch (~> 2)
      cinch-cooldown (~> 1.1, >= 1.1.7)
      cinch-toolbox (~> 1.1, >= 1.1.6)
    domain_name (0.5.20190701)
      unf (>= 0.0.5, < 1.0.0)
    faraday (0.9.2)
      multipart-post (>= 1.2, < 3)
    file-tail (1.2.0)
      tins (~> 1.0)
    happymapper (0.5.0)
      libxml-ruby (~> 2.9)
    http-cookie (1.0.3)
      domain_name (~> 0.5)
    libxml-ruby (2.9.0)
    mime-types (2.99.3)
    mini_portile2 (2.5.1)
    multi_json (1.15.0)
    multipart-post (2.1.1)
    netrc (0.11.0)
    nokogiri (1.11.4)
      mini_portile2 (~> 2.5.0)
      racc (~> 1.4)
    psych (2.2.4)
    racc (1.5.2)
    rest-client (1.8.0)
      http-cookie (>= 1.0.2, < 2.0)
      mime-types (>= 1.16, < 3.0)
      netrc (~> 0.7)
    simple_oauth (0.3.1)
    sync (0.5.0)
    temperature (1.2)
    time-lord (1.0.1)
    tins (1.28.0)
      sync
    twitter (4.8.1)
      faraday (~> 0.8, < 0.10)
      multi_json (~> 1.0)
      simple_oauth (~> 0.2)
    unf (0.1.4)
      unf_ext
    unf_ext (0.0.7.7)
    weather-underground (1.1.1)
      happymapper
      rest-client
      temperature (>= 1.0.0)

PLATFORMS
  ruby

DEPENDENCIES
  cinch (~> 2.0.12)
  cinch-calculate (~> 1.0.5)
  cinch-convert (~> 1.0.1)
  cinch-dicebag (~> 1.0.7)
  cinch-karma (~> 1.0.2)
  cinch-links-logger (~> 1.0.1)
  cinch-links-titles (~> 1.0.0)
  cinch-logger-canonical (~> 0.0.1)
  cinch-logsearch (~> 1.0.1)
  cinch-magic (~> 1.0.2)
  cinch-seen (~> 1.0.2)
  cinch-sudo!
  cinch-twitterstatus (~> 1.0.1)
  cinch-urbandict (~> 1.0.2)
  cinch-weatherman (~> 1.0.1)
  cinch-wikipedia (~> 1.0.0)
  nokogiri (~> 1.11.4)
  rest-client (~> 1.8.0)

BUNDLED WITH
   2.2.6
