GEM
  remote: http://rubygems.org/
  specs:
    activesupport (3.2.3)
      i18n (~> 0.6)
      multi_json (~> 1.0)
    cinch (2.0.2)
    faraday (0.8.0)
      multipart-post (~> 1.1)
    happymapper (0.4.0)
      libxml-ruby (~> 2.0)
    i18n (0.6.0)
    libxml-ruby (2.3.2)
    mime-types (1.18)
    multi_json (1.3.2)
    multipart-post (1.1.5)
    nokogiri (1.5.2)
    rest-client (1.6.7)
      mime-types (>= 1.16)
    ruby-bitly (0.1.5)
      rest-client (~> 1.6.1)
    simple_oauth (0.1.7)
    temperature (1.2)
    time-lord (0.2.5)
    twitter (2.2.5)
      activesupport (>= 2.3.9, < 4)
      faraday (~> 0.8)
      multi_json (~> 1.3)
      simple_oauth (~> 0.1.6)
    weather-underground (1.1.1)
      happymapper
      rest-client
      temperature (>= 1.0.0)

PLATFORMS
  ruby

DEPENDENCIES
  cinch
  nokogiri
  ruby-bitly
  time-lord
  twitter
  weather-underground
