GEM
  remote: http://rubygems.org/
  specs:
    cinch (2.0.2)
    diff-lcs (1.1.3)
    file-tail (1.0.8)
      tins (~> 0.3)
    happymapper (0.4.0)
      libxml-ruby (~> 2.0)
    libxml-ruby (2.3.2)
    mime-types (1.18)
    nokogiri (1.5.2)
    rest-client (1.6.7)
      mime-types (>= 1.16)
    rspec (2.9.0)
      rspec-core (~> 2.9.0)
      rspec-expectations (~> 2.9.0)
      rspec-mocks (~> 2.9.0)
    rspec-core (2.9.0)
    rspec-expectations (2.9.1)
      diff-lcs (~> 1.1.3)
    rspec-given (1.4.2)
      rspec (> 1.2.8)
    rspec-mocks (2.9.0)
    ruby-bitly (0.1.5)
      rest-client (~> 1.6.1)
    temperature (1.2)
    time-lord (0.2.5)
    tins (0.4.2)
    weather-underground (1.1.1)
      happymapper
      rest-client
      temperature (>= 1.0.0)

PLATFORMS
  ruby

DEPENDENCIES
  cinch
  file-tail
  nokogiri
  rspec
  rspec-given
  ruby-bitly
  time-lord
  weather-underground
