GEM
  remote: http://rubygems.org/
  specs:
    addressable (2.3.2)
    cinch (2.0.2)
    crack (0.1.7)
    diff-lcs (1.1.3)
    faraday (0.8.4)
      multipart-post (~> 1.1)
    file-tail (1.0.12)
      tins (~> 0.5)
    happymapper (0.4.0)
      libxml-ruby (~> 2.0)
    json (1.7.7)
    libxml-ruby (2.3.2)
    mime-types (1.18)
    multi_json (1.3.7)
    multipart-post (1.1.5)
    nokogiri (1.5.2)
    promise (0.3.0)
    rack (1.4.1)
    rack-protection (1.2.0)
      rack
    rest-client (1.6.7)
      mime-types (>= 1.16)
    rspec (2.12.0)
      rspec-core (~> 2.12.0)
      rspec-expectations (~> 2.12.0)
      rspec-mocks (~> 2.12.0)
    rspec-core (2.12.0)
    rspec-expectations (2.12.0)
      diff-lcs (~> 1.1.3)
    rspec-given (2.2.0)
      rspec (> 1.2.8)
    rspec-mocks (2.12.0)
    ruby-bitly (0.1.5)
      rest-client (~> 1.6.1)
    simple_oauth (0.1.9)
    sinatra (1.3.3)
      rack (~> 1.3, >= 1.3.6)
      rack-protection (~> 1.2)
      tilt (~> 1.3, >= 1.3.3)
    temperature (1.2)
    thor (0.16.0)
    tilt (1.3.3)
    time-lord (0.2.5)
    tins (0.6.0)
    tumblr-rb (2.0.0)
      sinatra (~> 1.3.2)
      thor (~> 0.16.0)
      weary (~> 1.1.0)
    twitter (4.3.0)
    weary (1.1.2)
      addressable (~> 2.3.2)
      multi_json (~> 1.3.0)
      promise (~> 0.3.0)
      rack (~> 1.4.0)
      simple_oauth (~> 0.1.5)
    weather-underground (1.1.1)
      happymapper
      rest-client
      temperature (>= 1.0.0)

PLATFORMS
  ruby

DEPENDENCIES
  cinch
  crack (= 0.1.7)
  faraday
  file-tail
  json (= 1.7.7)
  multi_json
  nokogiri
  rspec
  rspec-given
  ruby-bitly
  time-lord
  tumblr-rb (= 2.0.0)
  twitter
  weather-underground
